GEM
  remote: https://rubygems.org/
  specs:
    actionview (7.1.2)
      activesupport (= 7.1.2)
      builder (~> 3.1)
      erubi (~> 1.11)
      rails-dom-testing (~> 2.2)
      rails-html-sanitizer (~> 1.6)
    activesupport (7.1.2)
      base64
      bigdecimal
      concurrent-ruby (~> 1.0, >= 1.0.2)
      connection_pool (>= 2.2.5)
      drb
      i18n (>= 1.6, < 2)
      minitest (>= 5.1)
      mutex_m
      tzinfo (~> 2.0)
    ast (2.4.2)
    backport (1.2.0)
    base64 (0.2.0)
    benchmark (0.3.0)
    better_html (2.0.2)
      actionview (>= 6.0)
      activesupport (>= 6.0)
      ast (~> 2.0)
      erubi (~> 1.4)
      parser (>= 2.4)
      smart_properties
    bigdecimal (3.1.5)
    builder (3.2.4)
    concurrent-ruby (1.2.2)
    connection_pool (2.4.1)
    crass (1.0.6)
    diff-lcs (1.5.0)
    drb (2.2.0)
      ruby2_keywords
    e2mmap (0.1.0)
    erb_lint (0.5.0)
      activesupport
      better_html (>= 2.0.1)
      parser (>= 2.7.1.4)
      rainbow
      rubocop
      smart_properties
    erubi (1.12.0)
    i18n (1.14.1)
      concurrent-ruby (~> 1.0)
    jaro_winkler (1.5.6)
    json (2.7.1)
    kramdown (2.4.0)
      rexml
    kramdown-parser-gfm (1.1.0)
      kramdown (~> 2.0)
    language_server-protocol (3.17.0.3)
    loofah (2.22.0)
      crass (~> 1.0.2)
      nokogiri (>= 1.12.0)
    minitest (5.20.0)
    mutex_m (0.2.0)
    nokogiri (1.16.0-x86_64-linux)
      racc (~> 1.4)
    parallel (1.24.0)
    parser (3.2.2.4)
      ast (~> 2.4.1)
      racc
    prism (0.19.0)
    racc (1.7.3)
    rails-dom-testing (2.2.0)
      activesupport (>= 5.0.0)
      minitest
      nokogiri (>= 1.6)
    rails-html-sanitizer (1.6.0)
      loofah (~> 2.21)
      nokogiri (~> 1.14)
    rainbow (3.1.1)
    rbs (2.8.4)
    regexp_parser (2.8.3)
    reverse_markdown (2.1.1)
      nokogiri
    rexml (3.2.6)
    rubocop (1.59.0)
      json (~> 2.3)
      language_server-protocol (>= 3.17.0)
      parallel (~> 1.10)
      parser (>= 3.2.2.4)
      rainbow (>= 2.2.2, < 4.0)
      regexp_parser (>= 1.8, < 3.0)
      rexml (>= 3.2.5, < 4.0)
      rubocop-ast (>= 1.30.0, < 2.0)
      ruby-progressbar (~> 1.7)
      unicode-display_width (>= 2.4.0, < 3.0)
    rubocop-ast (1.30.0)
      parser (>= 3.2.1.0)
    ruby-lsp (0.13.2)
      language_server-protocol (~> 3.17.0)
      prism (>= 0.19.0, < 0.20)
      sorbet-runtime (>= 0.5.5685)
    ruby-progressbar (1.13.0)
    ruby2_keywords (0.0.5)
    smart_properties (1.17.0)
    solargraph (0.50.0)
      backport (~> 1.2)
      benchmark
      bundler (~> 2.0)
      diff-lcs (~> 1.4)
      e2mmap
      jaro_winkler (~> 1.5)
      kramdown (~> 2.3)
      kramdown-parser-gfm (~> 1.1)
      parser (~> 3.0)
      rbs (~> 2.0)
      reverse_markdown (~> 2.0)
      rubocop (~> 1.38)
      thor (~> 1.0)
      tilt (~> 2.0)
      yard (~> 0.9, >= 0.9.24)
    sorbet-runtime (0.5.11164)
    thor (1.3.0)
    tilt (2.3.0)
    tzinfo (2.0.6)
      concurrent-ruby (~> 1.0)
    unicode-display_width (2.5.0)
    yard (0.9.34)

PLATFORMS
  x86_64-linux

DEPENDENCIES
  erb_lint (~> 0.5.0)
  ruby-lsp (~> 0.13.2)
  solargraph (~> 0.50.0)

BUNDLED WITH
   2.4.10
